PATH
  remote: .
  specs:
    green_michelin (0.1.0)
      lolize
      nokogiri
      paint

GEM
  remote: https://rubygems.org/
  specs:
    coderay (1.1.3)
    lolize (0.0.3)
      paint (~> 0.8.3)
    method_source (1.0.0)
    mini_portile2 (2.5.0)
    nokogiri (1.11.2)
      mini_portile2 (~> 2.5.0)
      racc (~> 1.4)
    paint (0.8.7)
    pry (0.14.0)
      coderay (~> 1.1)
      method_source (~> 1.0)
    racc (1.5.2)
    rake (10.5.0)

PLATFORMS
  ruby

DEPENDENCIES
  bundler (~> 2.0)
  green_michelin!
  pry
  rake (~> 10.0)

BUNDLED WITH
   2.0.1
